GIT
  remote: git://github.com/rom-rb/rom.git
  revision: 7ae26ce7ed5d2d6bca0d8c4fca3371ec348fcddd
  branch: master
  specs:
    rom (0.7.0)
      equalizer (~> 0.0, >= 0.0.9)
      transproc (~> 0.2, >= 0.2.1)

GIT
  remote: git://github.com/solnic/transproc.git
  revision: d62bc1feaf16bc92e7dbe22cd5d77fc819529343
  branch: master
  specs:
    transproc (0.2.1)

GEM
  remote: https://rubygems.org/
  specs:
    diff-lcs (1.2.5)
    equalizer (0.0.11)
    inflecto (0.0.2)
    rspec (3.2.0)
      rspec-core (~> 3.2.0)
      rspec-expectations (~> 3.2.0)
      rspec-mocks (~> 3.2.0)
    rspec-core (3.2.3)
      rspec-support (~> 3.2.0)
    rspec-expectations (3.2.1)
      diff-lcs (>= 1.2.0, < 2.0)
      rspec-support (~> 3.2.0)
    rspec-mocks (3.2.1)
      diff-lcs (>= 1.2.0, < 2.0)
      rspec-support (~> 3.2.0)
    rspec-support (3.2.2)

PLATFORMS
  ruby

DEPENDENCIES
  inflecto
  rom!
  rspec
  transproc!
